GEM
  remote: https://rubygems.org/
  specs:
    optparse (0.6.0)

PLATFORMS
  arm64-darwin-23
  ruby

DEPENDENCIES
  optparse

BUNDLED WITH
   2.6.3
